PATH
  remote: .
  specs:
    zooviewer (0.1.0)

GEM
  remote: https://rubygems.org/
  specs:
    coderay (1.1.3)
    method_source (1.0.0)
    mini_portile2 (2.4.0)
    nokogiri (1.10.9)
      mini_portile2 (~> 2.4.0)
    pry (0.13.1)
      coderay (~> 1.1)
      method_source (~> 1.0)
    rake (12.3.3)
    uri (0.10.0)

PLATFORMS
  ruby

DEPENDENCIES
  nokogiri (~> 1.13)
  pry (~> 0.13.1)
  rake (~> 12.0)
  uri (~> 0.10.0)
  zooviewer!

BUNDLED WITH
   2.2.30
